GEM
  remote: https://rubygems.org/
  specs:
    backports (3.6.7)
    daemons (1.2.3)
    eventmachine (1.0.8)
    faye-websocket (0.10.2)
      eventmachine (>= 0.12.0)
      websocket-driver (>= 0.5.1)
    multi_json (1.11.2)
    pixel_pi (0.2.0)
    rack (1.6.4)
    rack-protection (1.5.3)
      rack
    rack-test (0.6.3)
      rack (>= 1.0)
    rainbow (2.0.0)
    sinatra (1.4.6)
      rack (~> 1.4)
      rack-protection (~> 1.4)
      tilt (>= 1.3, < 3)
    sinatra-contrib (1.4.6)
      backports (>= 2.0)
      multi_json
      rack-protection
      rack-test
      sinatra (~> 1.4.0)
      tilt (>= 1.3, < 3)
    thin (1.6.4)
      daemons (~> 1.0, >= 1.0.9)
      eventmachine (~> 1.0, >= 1.0.4)
      rack (~> 1.0)
    tilt (2.0.1)
    websocket-driver (0.6.3)
      websocket-extensions (>= 0.1.0)
    websocket-extensions (0.1.2)

PLATFORMS
  ruby

DEPENDENCIES
  eventmachine (~> 1.0)
  faye-websocket (~> 0.10)
  multi_json (~> 1.11)
  pixel_pi (~> 0.2)
  rainbow (~> 2.0)
  sinatra (~> 1.4)
  sinatra-contrib (~> 1.4)
  thin (~> 1.6)
